GEM
  remote: http://rubygems.org/
  specs:
    POpen4 (0.1.4)
      Platform (>= 0.4.0)
      open4
    Platform (0.4.0)
    addressable (2.3.2)
    backrack (0.0.2)
      bundler (~> 1.1)
      rake (>= 0.8.7)
      thor (~> 0.14.6)
    childprocess (0.3.6)
      ffi (~> 1.0, >= 1.0.6)
    coffee-script (2.2.0)
      coffee-script-source
      execjs
    coffee-script-source (1.3.3)
    eco (1.0.0)
      coffee-script
      eco-source
      execjs
    eco-source (1.1.0.rc.1)
    em-websocket (0.3.8)
      addressable (>= 2.1.1)
      eventmachine (>= 0.12.9)
    eventmachine (1.0.0)
    execjs (1.4.0)
      multi_json (~> 1.0)
    ffi (1.1.5)
    filewatch (0.4.0)
    hike (1.2.1)
    multi_json (1.3.6)
    open4 (1.3.0)
    rack (1.4.1)
    rake (0.9.2.2)
    sass (3.1.21)
    serialport (1.1.0)
    shotgun (0.9)
      rack (>= 1.0)
    sprockets (2.4.5)
      hike (~> 1.2)
      multi_json (~> 1.0)
      rack (~> 1.0)
      tilt (~> 1.1, != 1.3.0)
    thor (0.14.6)
    tilt (1.3.3)
    uglifier (1.2.7)
      execjs (>= 0.3.0)
      multi_json (~> 1.3)
    yui-compressor (0.9.6)
      POpen4 (>= 0.1.4)

PLATFORMS
  ruby

DEPENDENCIES
  backrack (~> 0.0.2)
  bundler (~> 1.2.0)
  childprocess
  coffee-script (~> 2.2.0)
  eco (~> 1.0.0)
  em-websocket
  eventmachine (~> 1.0.0)
  filewatch
  rack (~> 1.4.1)
  rake
  sass (~> 3.1.15)
  serialport
  shotgun
  sprockets (~> 2.4.0)
  uglifier (~> 1.2.4)
  yui-compressor (~> 0.9.6)
