GEM
  remote: http://rubygems.org/
  remote: http://rubygems.org/
  specs:
    POpen4 (0.1.4)
      Platform (>= 0.4.0)
      open4
    Platform (0.4.0)
    backrack (0.0.2)
      bundler (~> 1.1)
      rake (>= 0.8.7)
      thor (~> 0.14.6)
    coffee-script (2.2.0)
      coffee-script-source
      execjs
    coffee-script-source (1.3.3)
    eco (1.0.0)
      coffee-script
      eco-source
      execjs
    eco-source (1.1.0.rc.1)
    execjs (1.4.0)
      multi_json (~> 1.0)
    hike (1.2.1)
    multi_json (1.3.6)
    open4 (1.3.0)
    rack (1.4.1)
    rake (0.9.2.2)
    sass (3.1.19)
    sprockets (2.4.3)
      hike (~> 1.2)
      multi_json (~> 1.0)
      rack (~> 1.0)
      tilt (~> 1.1, != 1.3.0)
    thor (0.14.6)
    tilt (1.3.3)
    uglifier (1.2.4)
      execjs (>= 0.3.0)
      multi_json (>= 1.0.2)
    yui-compressor (0.9.6)
      POpen4 (>= 0.1.4)

PLATFORMS
  ruby

DEPENDENCIES
  backrack (~> 0.0.2)
  bundler (~> 1.1.0)
  coffee-script (~> 2.2.0)
  eco (~> 1.0.0)
  rack (~> 1.4.1)
  rake
  sass (~> 3.1.15)
  sprockets (~> 2.4.0)
  uglifier (~> 1.2.4)
  yui-compressor (~> 0.9.6)
